GEM
  remote: http://rubygems.org/
  specs:
    activesupport (3.2.11)
      i18n (~> 0.6)
      multi_json (~> 1.0)
    i18n (0.6.1)
    ib (0.2.1)
      thor (~> 0.15.4)
      xcodeproj (>= 0.2.3)
    multi_json (1.5.0)
    rake (10.0.3)
    thor (0.15.4)
    xcodeproj (0.3.5)
      activesupport (~> 3.2.6)

PLATFORMS
  ruby

DEPENDENCIES
  ib
  rake
  xcodeproj (~> 0.3.0)
