GEM
  remote: https://rubygems.org/
  specs:
    activesupport (3.2.11)
      i18n (~> 0.6)
      multi_json (~> 1.0)
    awesome_print_motion (0.1.0)
    i18n (0.6.1)
    ib (0.2.1)
      thor (~> 0.15.4)
      xcodeproj (>= 0.2.3)
    motion-layout (0.0.2)
    motion-testflight (1.4)
    multi_json (1.5.0)
    rake (10.0.3)
    sugarcube (1.3.4)
    thor (0.15.4)
    xcodeproj (0.3.5)
      activesupport (~> 3.2.6)

PLATFORMS
  ruby

DEPENDENCIES
  awesome_print_motion
  ib
  motion-layout
  motion-testflight
  rake
  sugarcube
  xcodeproj (~> 0.3.0)
